GEM
  remote: http://rubygems.org/
  specs:
    crack (0.1.8)
    diff-lcs (1.1.2)
    fakeweb (1.3.0)
    git (1.2.5)
    hpricot (0.8.4)
    hpricot (0.8.4-java)
    httparty (0.7.8)
      crack (= 0.1.8)
    jeweler (1.5.2)
      bundler (~> 1.0.0)
      git (>= 1.2.5)
      rake
    json (1.5.3)
    json (1.5.3-java)
    mocha (0.9.12)
    nokogiri (1.4.6)
    nokogiri (1.4.6-java)
      weakling (>= 0.0.3)
    oauth (0.4.4)
    rake (0.9.2)
    rcov (0.9.9)
    rcov (0.9.9-java)
    rspec (2.1.0)
      rspec-core (~> 2.1.0)
      rspec-expectations (~> 2.1.0)
      rspec-mocks (~> 2.1.0)
    rspec-core (2.1.0)
    rspec-expectations (2.1.0)
      diff-lcs (~> 1.1.2)
    rspec-mocks (2.1.0)
    weakling (0.0.4-java)

PLATFORMS
  java
  ruby

DEPENDENCIES
  bundler (~> 1.0.0)
  fakeweb
  hpricot
  httparty
  jeweler (~> 1.5.1)
  json
  mocha
  nokogiri
  oauth (~> 0.4.0)
  rcov
  rspec (~> 2.1.0)
